PATH
  remote: .
  specs:
    hogwarts_house_tour (0.1.0)

GEM
  remote: https://rubygems.org/
  specs:
    httparty (0.18.0)
      mime-types (~> 3.0)
      multi_xml (>= 0.5.2)
    mime-types (3.3.1)
      mime-types-data (~> 3.2015)
    mime-types-data (3.2020.0425)
    multi_xml (0.6.0)
    rake (12.3.3)

PLATFORMS
  ruby

DEPENDENCIES
  hogwarts_house_tour!
  httparty (~> 0.18.0)
  rake (~> 12.0)

BUNDLED WITH
   2.1.2
